GEM
  remote: http://rubygems.org/
  specs:
    bacon (1.1.0)
    blankslate (2.1.2.4)
    dropbox-sdk (1.5.1)
      json
    highline (1.6.15)
    json (1.7.5)
    parslet (1.4.0)
      blankslate (~> 2.0)
    rack (1.4.1)
    rack-protection (1.2.0)
      rack
    rake (10.0.2)
    sinatra (1.3.3)
      rack (~> 1.3, >= 1.3.6)
      rack-protection (~> 1.2)
      tilt (~> 1.3, >= 1.3.3)
    tilt (1.3.3)
    uuidtools (2.1.3)

PLATFORMS
  ruby

DEPENDENCIES
  bacon (~> 1.1.0)
  dropbox-sdk
  highline (~> 1.6.15)
  parslet (~> 1.4.0)
  rake
  sinatra
  uuidtools (~> 2.1.3)
